GEM
  remote: https://rubygems.org/
  specs:
    bundle (0.0.1)
      bundler

PLATFORMS
  x86_64-darwin-19
  x86_64-linux

DEPENDENCIES
  bundle

BUNDLED WITH
   2.2.4
